GEM
  remote: https://rubygems.org/
  specs:
    byebug (11.1.3)
    dotenv (2.2.2)
    rack (1.6.13)
    rack-protection (1.5.5)
      rack
    rake (12.0.0)
    sinatra (1.4.8)
      rack (~> 1.5)
      rack-protection (~> 1.4)
      tilt (>= 1.3, < 3)
    tilt (2.1.0)

PLATFORMS
  ruby

DEPENDENCIES
  byebug
  dotenv (~> 2.2.0)
  rake (~> 12.0.0)
  sinatra (~> 1.4.8)

RUBY VERSION
   ruby 2.7.6p219

BUNDLED WITH
   2.1.4
